GEM
  remote: https://gems.ruby-china.org/
  specs:
    rack (2.0.1)

PLATFORMS
  ruby

DEPENDENCIES
  rack

RUBY VERSION
   ruby 2.4.0p0

BUNDLED WITH
   1.13.7
